GEM
  remote: https://rubygems.org/
  specs:
    mercenary (0.3.5)

PLATFORMS
  ruby

DEPENDENCIES
  mercenary
